GEM
  remote: https://rubygems.org/
  specs:
    addressable (2.3.7)
    faraday (0.9.1)
      multipart-post (>= 1.2, < 3)
    multipart-post (2.0.0)
    octokit (3.7.0)
      sawyer (~> 0.6.0, >= 0.5.3)
    repomen (0.2.1)
    sawyer (0.6.0)
      addressable (~> 2.3.5)
      faraday (~> 0.8, < 0.10)

PLATFORMS
  ruby

DEPENDENCIES
  octokit
  repomen
